GEM
  remote: http://rubygems.org/
  specs:
    actionmailer (4.0.0.rc1)
      actionpack (= 4.0.0.rc1)
      mail (~> 2.5.3)
    actionpack (4.0.0.rc1)
      activesupport (= 4.0.0.rc1)
      builder (~> 3.1.0)
      erubis (~> 2.7.0)
      rack (~> 1.5.2)
      rack-test (~> 0.6.2)
    actionpack-action_caching (1.0.0)
      actionpack (>= 4.0.0.beta, < 5.0)
    actionpack-page_caching (1.0.0)
      actionpack (>= 4.0.0.beta, < 5.0)
    activemodel (4.0.0.rc1)
      activesupport (= 4.0.0.rc1)
      builder (~> 3.1.0)
    activerecord (4.0.0.rc1)
      activemodel (= 4.0.0.rc1)
      activerecord-deprecated_finders (~> 1.0.2)
      activesupport (= 4.0.0.rc1)
      arel (~> 4.0.0)
    activerecord-deprecated_finders (1.0.2)
    activesupport (4.0.0.rc1)
      i18n (~> 0.6, >= 0.6.4)
      minitest (~> 4.2)
      multi_json (~> 1.3)
      thread_safe (~> 0.1)
      tzinfo (~> 0.3.37)
    addressable (2.3.4)
    airbrake (3.1.12)
      activesupport
      builder
      json
    ansi (1.4.3)
    arel (4.0.0)
    atomic (1.1.9)
    bcrypt-ruby (3.0.1)
    bootstrap-datepicker-rails (1.0.0.7)
      railties (>= 3.0)
    brakeman (1.9.5)
      erubis (~> 2.6)
      fastercsv (~> 1.5)
      haml (>= 3.0, < 5.0)
      highline (~> 1.6)
      multi_json (~> 1.2)
      ruby2ruby (= 2.0.3)
      ruby_parser (~> 3.1.1)
      sass (~> 3.0)
      slim (~> 1.3.6)
      terminal-table (~> 1.4)
    builder (3.1.4)
    canable (0.3.0)
    carrierwave (0.8.0)
      activemodel (>= 3.2.0)
      activesupport (>= 3.2.0)
    ckeditor (4.0.4)
      mime-types
      orm_adapter
    cocaine (0.4.2)
    coderay (1.0.9)
    coffee-rails (4.0.0)
      coffee-script (>= 2.2.0)
      railties (>= 4.0.0.beta, < 5.0)
    coffee-script (2.2.0)
      coffee-script-source
      execjs
    coffee-script-source (1.6.2)
    columnize (0.3.6)
    d3_rails (3.1.6)
      railties (>= 3.1.0)
    daemons (1.1.9)
    dalli (2.6.3)
    debugger (1.6.0)
      columnize (>= 0.3.1)
      debugger-linecache (~> 1.2.0)
      debugger-ruby_core_source (~> 1.2.1)
    debugger-linecache (1.2.0)
    debugger-ruby_core_source (1.2.2)
    diff-lcs (1.2.4)
    erubis (2.7.0)
    eventmachine (1.0.3)
    execjs (1.4.0)
      multi_json (~> 1.0)
    fabrication (2.7.0)
    faker (1.1.2)
      i18n (~> 0.5)
    faraday (0.8.7)
      multipart-post (~> 1.1)
    fastercsv (1.5.5)
    ffi (1.8.1)
    flexslider (2.0.2)
    formatador (0.2.4)
    fuubar (1.1.0)
      rspec (~> 2.0)
      rspec-instafail (~> 0.2.0)
      ruby-progressbar (~> 1.0.0)
    gravatar_image_tag (1.1.3)
    guard (1.8.0)
      formatador (>= 0.2.4)
      listen (>= 1.0.0)
      lumberjack (>= 1.0.2)
      pry (>= 0.9.10)
      thor (>= 0.14.6)
    guard-rspec (3.0.0)
      guard (>= 1.8)
      rspec (~> 2.13)
    haml (4.0.2)
      tilt
    haml-rails (0.4)
      actionpack (>= 3.1, < 4.1)
      activesupport (>= 3.1, < 4.1)
      haml (>= 3.1, < 4.1)
      railties (>= 3.1, < 4.1)
    highcharts-rails (3.0.1.5)
      cocaine (~> 0.4.0)
      railties (>= 3.1)
    highline (1.6.19)
    hike (1.2.2)
    httpauth (0.2.0)
    i18n (0.6.4)
    jquery-rails (2.2.1)
      railties (>= 3.0, < 5.0)
      thor (>= 0.14, < 2.0)
    json (1.8.0)
    jwt (0.1.8)
      multi_json (>= 1.5)
    launchy (2.3.0)
      addressable (~> 2.3)
    libv8 (3.11.8.17)
    listen (1.1.2)
      rb-fsevent (>= 0.9.3)
      rb-inotify (>= 0.9)
      rb-kqueue (>= 0.2)
    lumberjack (1.0.3)
    mail (2.5.4)
      mime-types (~> 1.16)
      treetop (~> 1.4.8)
    method_source (0.8.1)
    mime-types (1.23)
    minitest (4.7.4)
    multi_json (1.7.3)
    multipart-post (1.2.0)
    mysql2 (0.3.12b5)
    oauth (0.4.7)
    oauth2 (0.8.1)
      faraday (~> 0.8)
      httpauth (~> 0.1)
      jwt (~> 0.1.4)
      multi_json (~> 1.0)
      rack (~> 1.2)
    orm_adapter (0.4.0)
    pacecar (1.5.3)
    pg (0.15.1)
    polyglot (0.3.3)
    protected_attributes (1.0.1)
      activemodel (>= 4.0.0.beta, < 5.0)
    pry (0.9.12.2)
      coderay (~> 1.0.5)
      method_source (~> 0.8)
      slop (~> 3.4)
    rack (1.5.2)
    rack-test (0.6.2)
      rack (>= 1.0)
    rails (4.0.0.rc1)
      actionmailer (= 4.0.0.rc1)
      actionpack (= 4.0.0.rc1)
      activerecord (= 4.0.0.rc1)
      activesupport (= 4.0.0.rc1)
      bundler (>= 1.3.0, < 2.0)
      railties (= 4.0.0.rc1)
      sprockets-rails (~> 2.0.0.rc4)
    rails4_upgrade (0.0.5)
      bundler (>= 1.2.2)
      terminal-table (>= 1.4.5)
    railties (4.0.0.rc1)
      actionpack (= 4.0.0.rc1)
      activesupport (= 4.0.0.rc1)
      rake (>= 0.8.7)
      thor (>= 0.18.1, < 2.0)
    rake (10.0.4)
    rb-fsevent (0.9.3)
    rb-inotify (0.9.0)
      ffi (>= 0.5.0)
    rb-kqueue (0.2.0)
      ffi (>= 0.5.0)
    ref (1.0.5)
    responders (0.6.5)
    rspec (2.13.0)
      rspec-core (~> 2.13.0)
      rspec-expectations (~> 2.13.0)
      rspec-mocks (~> 2.13.0)
    rspec-core (2.13.1)
    rspec-expectations (2.13.0)
      diff-lcs (>= 1.1.3, < 2.0)
    rspec-instafail (0.2.4)
    rspec-mocks (2.13.1)
    rspec-rails (2.13.2)
      actionpack (>= 3.0)
      activesupport (>= 3.0)
      railties (>= 3.0)
      rspec-core (~> 2.13.0)
      rspec-expectations (~> 2.13.0)
      rspec-mocks (~> 2.13.0)
    ruby-progressbar (1.0.2)
    ruby2ruby (2.0.3)
      ruby_parser (~> 3.1)
      sexp_processor (~> 4.0)
    ruby_parser (3.1.3)
      sexp_processor (~> 4.1)
    sass (3.2.9)
    sass-rails (4.0.0.rc1)
      railties (>= 4.0.0.beta, < 5.0)
      sass (>= 3.1.10)
      sprockets-rails (~> 2.0.0.rc0)
      tilt (~> 1.3)
    sendgrid (1.2.0)
      json
      json
    sexp_processor (4.2.1)
    shoulda-matchers (2.1.0)
      activesupport (>= 3.0.0)
    simple-navigation (3.10.1)
      activesupport (>= 2.3.2)
    simple_form (3.0.0.rc)
      actionpack (>= 4.0.0.rc1, < 4.1)
      activemodel (>= 4.0.0.rc1, < 4.1)
    slim (1.3.9)
      temple (~> 0.6.3)
      tilt (~> 1.3, >= 1.3.3)
    slop (3.4.5)
    sorcery (0.8.1)
      bcrypt-ruby (~> 3.0.0)
      oauth (~> 0.4.4)
      oauth2 (~> 0.8.0)
    sprockets (2.9.3)
      hike (~> 1.2)
      multi_json (~> 1.0)
      rack (~> 1.0)
      tilt (~> 1.1, != 1.3.0)
    sprockets-rails (2.0.0.rc4)
      actionpack (>= 3.0)
      activesupport (>= 3.0)
      sprockets (~> 2.8)
    sqlite3 (1.3.7)
    temple (0.6.4)
    terminal-table (1.4.5)
    therubyracer (0.11.4)
      libv8 (~> 3.11.8.12)
      ref
    thin (1.5.1)
      daemons (>= 1.0.9)
      eventmachine (>= 0.12.6)
      rack (>= 1.0.0)
    thor (0.18.1)
    thread_safe (0.1.0)
      atomic
    tilt (1.4.1)
    treetop (1.4.12)
      polyglot
      polyglot (>= 0.3.1)
    turn (0.9.6)
      ansi
    twitter-bootstrap-rails (2.2.6)
      actionpack (>= 3.1)
      execjs
      railties (>= 3.1)
    tzinfo (0.3.37)
    watchr (0.7)
    will_paginate (3.0.4)

PLATFORMS
  ruby

DEPENDENCIES
  actionpack-action_caching
  actionpack-page_caching
  airbrake
  bootstrap-datepicker-rails
  brakeman
  canable
  carrierwave
  ckeditor
  coffee-rails (~> 4.0.0.beta1)
  d3_rails
  dalli
  debugger
  fabrication
  faker
  flexslider
  fuubar
  gravatar_image_tag
  guard-rspec
  haml
  haml-rails
  highcharts-rails
  jquery-rails (~> 2.0)
  launchy
  mysql2 (= 0.3.12b5)
  pacecar
  pg
  protected_attributes
  rails (= 4.0.0.rc1)
  rails4_upgrade
  responders
  rspec-rails
  sass-rails (~> 4.0.0.beta1)
  sendgrid
  shoulda-matchers
  simple-navigation
  simple_form (~> 3.0.0.rc)
  sorcery
  sqlite3
  therubyracer
  thin
  turn
  twitter-bootstrap-rails
  watchr
  will_paginate
